RESTRICTION: >= net452
NUGET
  remote: https://www.nuget.org/api/v2
    FAKE (4.64.4)
    FSharp.Core (4.3.3)

GROUP SourceFiles

GITHUB
  remote: TobyShaw/FSharp.TypeProviders.SDK
    src/ProvidedTypes.fs (a3aee1742206be6f0fa8dbd3a35baf6fe597c3fe)
    src/ProvidedTypes.fsi (a3aee1742206be6f0fa8dbd3a35baf6fe597c3fe)