RESTRICTION: >= net452
NUGET
  remote: https://www.nuget.org/api/v2
    FAKE (4.64.4)
    FSharp.Core (4.3.3)

GROUP SourceFiles

GITHUB
  remote: TobyShaw/FSharp.TypeProviders.SDK
    src/ProvidedTypes.fs (b35a5d957765b061d3a6d8731bc1a4b6c2023b54)
    src/ProvidedTypes.fsi (b35a5d957765b061d3a6d8731bc1a4b6c2023b54)